GIT
  remote: git://github.com/ddfreyne/d-parse.git
  revision: ac0963b1fc62b33eab272ed5fed6331603bde5e1
  specs:
    d-parse (0.1)

PATH
  remote: ./ffi-llvm
  specs:
    ffi-llvm (0.1.0)
      ffi (~> 1.0)

GEM
  remote: https://rubygems.org/
  specs:
    ffi (1.9.10)
    values (1.8.0)

PLATFORMS
  ruby

DEPENDENCIES
  d-parse!
  ffi-llvm!
  values

BUNDLED WITH
   1.12.5
