PATH
  remote: ./ffi-llvm
  specs:
    ffi-llvm (0.1.0)
      ffi (~> 1.0)

GEM
  remote: https://rubygems.org/
  specs:
    ffi (1.9.10)
    values (1.8.0)

PLATFORMS
  ruby

DEPENDENCIES
  ffi-llvm!
  values

BUNDLED WITH
   1.12.5
